GIT
  remote: https://github.com/ruby-gnome2/ruby-gnome2.git
  revision: c8d49d7fe109696dba437be2469f345ef59b7f6e
  specs:
    atk (3.3.7)
      glib2 (= 3.3.7)
    cairo-gobject (3.3.7)
      cairo (>= 1.16.2)
      glib2 (= 3.3.7)
    gdk3 (3.3.7)
      cairo-gobject (= 3.3.7)
      gdk_pixbuf2 (= 3.3.7)
      pango (= 3.3.7)
    gdk_pixbuf2 (3.3.7)
      gio2 (= 3.3.7)
    gio2 (3.3.7)
      gobject-introspection (= 3.3.7)
    glib2 (3.3.7)
      native-package-installer (>= 1.0.3)
      pkg-config (>= 1.3.5)
    gobject-introspection (3.3.7)
      glib2 (= 3.3.7)
    gtk3 (3.3.7)
      atk (= 3.3.7)
      gdk3 (= 3.3.7)
      gdk_pixbuf2 (= 3.3.7)
      gio2 (= 3.3.7)
      pango (= 3.3.7)
    pango (3.3.7)
      cairo-gobject (= 3.3.7)
      gobject-introspection (= 3.3.7)

GEM
  remote: https://rubygems.org/
  specs:
    cairo (1.16.4)
      native-package-installer (>= 1.0.3)
      pkg-config (>= 1.2.2)
    native-package-installer (1.0.7)
    pkg-config (1.3.7)
    rake (12.3.2)

PLATFORMS
  ruby

DEPENDENCIES
  gtk3!
  rake

BUNDLED WITH
   2.0.1
